FRAMEWORK: NET452
NUGET
  remote: https://www.nuget.org/api/v2
    FAKE (4.63)
    FsCheck (2.9)
      FSharp.Core (>= 4.1)
    FsCheck.Xunit (2.9)
      FsCheck (>= 2.9)
      xunit.extensibility.execution (>= 2.2 < 3.0)
    FSharp.Core (4.2.3)
    xunit.abstractions (2.0.1)
    xunit.core (2.2)
      xunit.extensibility.core (2.2)
      xunit.extensibility.execution (2.2)
    xunit.extensibility.core (2.2)
      xunit.abstractions (>= 2.0.1)
    xunit.extensibility.execution (2.2)
      xunit.extensibility.core (2.2)
    xunit.runner.console (2.2)
