RESTRICTION: == net472
NUGET
  remote: https://api.nuget.org/v3/index.json
    FAKE (5.8.4)
    FsCheck (2.13)
      FSharp.Core (>= 4.2.3)
    FsCheck.Xunit (2.13)
      FsCheck (2.13)
      xunit.extensibility.execution (>= 2.2 < 3.0)
    FSharp.Core (4.6.2)
    xunit.abstractions (2.0.3)
    xunit.assert (2.4.1)
    xunit.core (2.4.1)
      xunit.extensibility.core (2.4.1)
      xunit.extensibility.execution (2.4.1)
    xunit.extensibility.core (2.4.1)
      xunit.abstractions (>= 2.0.3)
    xunit.extensibility.execution (2.4.1)
      xunit.extensibility.core (2.4.1)
    xunit.runner.console (2.4.1)
